GEM
  remote: https://rubygems.org/
  specs:
    gruff (0.7.0)
      rmagick (~> 2.13, >= 2.13.4)
    nio4r (2.5.1)
    puma (4.1.0)
      nio4r (~> 2.0)
    rack (2.0.7)
    rmagick (2.16.0)
    rubyvis (0.7.0)
    timecop (0.9.1)

PLATFORMS
  ruby

DEPENDENCIES
  gruff
  puma
  rack
  rubyvis
  timecop

BUNDLED WITH
   2.0.2
